PATH
  remote: gem
  specs:
    non-haml (1.0)

GEM
  remote: http://rubygems.org/
  specs:

PLATFORMS
  ruby

DEPENDENCIES
  non-haml!
